PATH
  remote: .
  specs:
    adequate_errors (0.1.0)
      activemodel (~> 5.1.4)

GEM
  remote: https://rubygems.org/
  specs:
    activemodel (5.1.4)
      activesupport (= 5.1.4)
    activesupport (5.1.4)
      concurrent-ruby (~> 1.0, >= 1.0.2)
      i18n (~> 0.7)
      minitest (~> 5.1)
      tzinfo (~> 1.1)
    builder (3.2.3)
    concurrent-ruby (1.0.5)
    i18n (0.8.6)
    minitest (5.10.3)
    rake (10.5.0)
    thread_safe (0.3.6)
    tzinfo (1.2.3)
      thread_safe (~> 0.1)

PLATFORMS
  ruby

DEPENDENCIES
  adequate_errors!
  builder (~> 3.2.3)
  bundler (~> 1.16.a)
  rake (~> 10.0)

BUNDLED WITH
   1.16.0.pre.3
